GIT
  remote: git://github.com/gmanley/carrierwave-mongoid.git
  revision: 9b1386ce4826e1ff8f86ea6dabed1c618587e7b4
  branch: mongoid-3.0
  specs:
    carrierwave-mongoid (0.3.0.alpha)
      carrierwave (~> 0.6.1)
      mongoid (~> 3.0.0)
      mongoid-grid_fs (~> 1.3.1)

GIT
  remote: git://github.com/gmanley/mini_magick.git
  revision: 3560260f8efe582d1b3e66cd645bea70aac87ea1
  branch: graphicsmagick-fix
  specs:
    mini_magick (3.4)
      subexec (~> 0.2.1)

GIT
  remote: git://github.com/gmanley/spork-rails.git
  revision: f528bdba292aac218a3326b37932180f9441b133
  specs:
    spork-rails (3.2.0)
      actionpack (>= 3.0.0, < 3.3.0)
      spork (>= 1.0rc0)

GIT
  remote: git://github.com/wndxlori/bootstrap-sass.git
  revision: 2803b00c1ddf2c981624eac9998c26d7347232c2
  specs:
    bootstrap-sass (2.1.0.0)

GEM
  remote: http://rubygems.org/
  specs:
    actionmailer (3.2.8)
      actionpack (= 3.2.8)
      mail (~> 2.4.4)
    actionpack (3.2.8)
      activemodel (= 3.2.8)
      activesupport (= 3.2.8)
      builder (~> 3.0.0)
      erubis (~> 2.7.0)
      journey (~> 1.0.4)
      rack (~> 1.4.0)
      rack-cache (~> 1.2)
      rack-test (~> 0.6.1)
      sprockets (~> 2.1.3)
    activemodel (3.2.8)
      activesupport (= 3.2.8)
      builder (~> 3.0.0)
    activesupport (3.2.8)
      i18n (~> 0.6)
      multi_json (~> 1.0)
    addressable (2.3.2)
    archive-zip (0.5.0)
      io-like (>= 0.3.0)
    bcrypt-ruby (3.0.1)
    builder (3.0.4)
    cancan (1.6.8)
    capybara (1.1.3)
      mime-types (>= 1.16)
      nokogiri (>= 1.3.3)
      rack (>= 1.0.0)
      rack-test (>= 0.5.4)
      selenium-webdriver (~> 2.0)
      xpath (~> 0.1.4)
    carrierwave (0.6.2)
      activemodel (>= 3.2.0)
      activesupport (>= 3.2.0)
    celluloid (0.12.3)
      facter (>= 1.6.12)
      timers (>= 1.0.0)
    childprocess (0.3.6)
      ffi (~> 1.0, >= 1.0.6)
    chunky_png (1.2.6)
    coderay (1.0.8)
    coffee-filter (0.1.1)
      coffee-script (>= 2.2.0)
      haml (>= 3.0.18)
    coffee-rails (3.2.2)
      coffee-script (>= 2.2.0)
      railties (~> 3.2.0)
    coffee-script (2.2.0)
      coffee-script-source
      execjs
    coffee-script-source (1.4.0)
    coffeebeans (1.0.1)
      actionpack (>= 3.0.0)
      coffee-script
    compass (0.12.2)
      chunky_png (~> 1.2)
      fssm (>= 0.2.7)
      sass (~> 3.1)
    connection_pool (0.9.2)
    daemons (1.1.9)
    database_cleaner (0.9.1)
    devise (2.1.2)
      bcrypt-ruby (~> 3.0)
      orm_adapter (~> 0.1)
      railties (~> 3.1)
      warden (~> 1.2.1)
    diff-lcs (1.1.3)
    erubis (2.7.0)
    eventmachine (1.0.0)
    excon (0.16.7)
    execjs (1.4.0)
      multi_json (~> 1.0)
    fabrication (2.5.0)
    facter (1.6.13)
    ffaker (1.15.0)
    ffi (1.1.5)
    fog (1.6.0)
      builder
      excon (~> 0.14)
      formatador (~> 0.2.0)
      mime-types
      multi_json (~> 1.0)
      net-scp (~> 1.0.4)
      net-ssh (>= 2.1.3)
      nokogiri (~> 1.5.0)
      ruby-hmac
    formatador (0.2.4)
    fssm (0.2.9)
    growl (1.0.3)
    guard (1.5.3)
      listen (>= 0.4.2)
      lumberjack (>= 1.0.2)
      pry (>= 0.9.10)
      thor (>= 0.14.6)
    guard-rspec (2.1.1)
      guard (>= 1.1)
      rspec (~> 2.11)
    guard-spork (1.2.3)
      childprocess (>= 0.2.3)
      guard (>= 1.1)
      spork (>= 0.8.4)
      sys-proctable
    haml (3.1.7)
    haml-rails (0.3.5)
      actionpack (>= 3.1, < 4.1)
      activesupport (>= 3.1, < 4.1)
      haml (~> 3.1)
      railties (>= 3.1, < 4.1)
    haml_coffee_assets (1.6.2)
      coffee-script (>= 1.0.0)
      sprockets (>= 2.0.3)
      tilt (>= 1.3.3)
    hike (1.2.1)
    i18n (0.6.1)
    io-like (0.3.0)
    journey (1.0.4)
    jquery-rails (2.1.3)
      railties (>= 3.1.0, < 5.0)
      thor (~> 0.14)
    json (1.7.5)
    kaminari (0.14.1)
      actionpack (>= 3.0.0)
      activesupport (>= 3.0.0)
    launchy (2.1.2)
      addressable (~> 2.3)
    libwebsocket (0.1.5)
      addressable
    listen (0.5.3)
    lumberjack (1.0.2)
    mail (2.4.4)
      i18n (>= 0.4.0)
      mime-types (~> 1.16)
      treetop (~> 1.4.8)
    method_source (0.8.1)
    mime-types (1.19)
    mongoid (3.0.10)
      activemodel (~> 3.1)
      moped (~> 1.1)
      origin (~> 1.0)
      tzinfo (~> 0.3.22)
    mongoid-grid_fs (1.3.3)
      mime-types (~> 1.19)
      mongoid (~> 3.0)
    mongoid-rspec (1.5.4)
      mongoid (>= 3.0.1)
      rake
      rspec (>= 2.9)
    mongoid-tree (1.0.1)
      mongoid (>= 3.0, <= 4.0)
    moped (1.2.7)
    multi_json (1.3.6)
    net-scp (1.0.4)
      net-ssh (>= 1.99.1)
    net-ssh (2.6.1)
    newrelic_moped (0.0.3)
    newrelic_rpm (3.5.0.1)
    nokogiri (1.5.5)
    origin (1.0.10)
    orm_adapter (0.4.0)
    polyglot (0.3.3)
    pry (0.9.10)
      coderay (~> 1.0.5)
      method_source (~> 0.8)
      slop (~> 3.3.1)
    pry-rails (0.2.2)
      pry (>= 0.9.10)
    quiet_assets (1.0.1)
      railties (~> 3.1)
    rack (1.4.1)
    rack-cache (1.2)
      rack (>= 0.4)
    rack-ssl (1.3.2)
      rack
    rack-test (0.6.2)
      rack (>= 1.0)
    railties (3.2.8)
      actionpack (= 3.2.8)
      activesupport (= 3.2.8)
      rack-ssl (~> 1.3.2)
      rake (>= 0.8.7)
      rdoc (~> 3.4)
      thor (>= 0.14.6, < 2.0)
    rake (0.9.2.2)
    rdoc (3.12)
      json (~> 1.4)
    redis (3.0.2)
    redis-namespace (1.2.1)
      redis (~> 3.0.0)
    responders (0.9.3)
      railties (~> 3.1)
    rspec (2.11.0)
      rspec-core (~> 2.11.0)
      rspec-expectations (~> 2.11.0)
      rspec-mocks (~> 2.11.0)
    rspec-core (2.11.1)
    rspec-expectations (2.11.3)
      diff-lcs (~> 1.1.3)
    rspec-mocks (2.11.3)
    rspec-rails (2.11.4)
      actionpack (>= 3.0)
      activesupport (>= 3.0)
      railties (>= 3.0)
      rspec (~> 2.11.0)
    ruby-hmac (0.4.0)
    rubyzip (0.9.9)
    sass (3.2.1)
    sass-rails (3.2.5)
      railties (~> 3.2.0)
      sass (>= 3.1.10)
      tilt (~> 1.3)
    selenium-webdriver (2.25.0)
      childprocess (>= 0.2.5)
      libwebsocket (~> 0.1.3)
      multi_json (~> 1.0)
      rubyzip
    shoulda-matchers (1.4.1)
      activesupport (>= 3.0.0)
    sidekiq (2.5.1)
      celluloid (~> 0.12.0)
      compass
      connection_pool (~> 0.9.2)
      multi_json (~> 1)
      redis (~> 3)
      redis-namespace
      sass
      sprockets-sass
    simple_form (2.0.4)
      actionpack (~> 3.0)
      activemodel (~> 3.0)
    simplecov (0.7.1)
      multi_json (~> 1.0)
      simplecov-html (~> 0.7.1)
    simplecov-html (0.7.1)
    slop (3.3.3)
    spork (1.0.0rc3)
    sprockets (2.1.3)
      hike (~> 1.2)
      rack (~> 1.0)
      tilt (~> 1.1, != 1.3.0)
    sprockets-sass (0.9.1)
      sprockets (~> 2.0)
      tilt (~> 1.1)
    stringex (1.4.0)
    subexec (0.2.2)
    sys-proctable (0.9.2)
    thin (1.5.0)
      daemons (>= 1.0.9)
      eventmachine (>= 0.12.6)
      rack (>= 1.0.0)
    thor (0.16.0)
    tilt (1.3.3)
    timers (1.0.1)
    treetop (1.4.12)
      polyglot
      polyglot (>= 0.3.1)
    tzinfo (0.3.34)
    uglifier (1.3.0)
      execjs (>= 0.3.0)
      multi_json (~> 1.0, >= 1.0.2)
    warden (1.2.1)
      rack (>= 1.0)
    xpath (0.1.4)
      nokogiri (~> 1.3)

PLATFORMS
  ruby

DEPENDENCIES
  actionmailer
  actionpack (~> 3.2)
  archive-zip
  bootstrap-sass!
  cancan
  capybara
  carrierwave
  carrierwave-mongoid!
  coffee-filter
  coffee-rails (~> 3.2)
  coffeebeans
  database_cleaner
  devise
  execjs
  fabrication
  ffaker
  fog
  growl
  guard
  guard-rspec
  guard-spork
  haml-rails
  haml_coffee_assets
  jquery-rails
  kaminari
  launchy
  mini_magick!
  mongoid
  mongoid-rspec
  mongoid-tree
  newrelic_moped
  newrelic_rpm
  pry-rails
  quiet_assets
  rake
  responders
  rspec-rails
  sass-rails (~> 3.2)
  shoulda-matchers
  sidekiq
  simple_form
  simplecov
  spork-rails!
  stringex
  thin
  uglifier
