GIT
  remote: git://github.com/amatsuda/kaminari.git
  revision: aa99b78c1bdd71c637da10ffba53c0d9affbb8a0
  specs:
    kaminari (0.12.4)
      actionpack (>= 3.0.0)
      activesupport (>= 3.0.0)
      railties (>= 3.0.0)

GIT
  remote: git://github.com/evansagge/mongoid-rspec.git
  revision: c6e4ca867788fcb4678e46dec64961e8835780e4
  specs:
    mongoid-rspec (1.4.4)
      mongoid (~> 2.0)
      rake
      rspec (~> 2)

GIT
  remote: git://github.com/jnicklas/carrierwave.git
  revision: 2d04fa3d41d27b792d2606cf907ead1ef209ab7b
  specs:
    carrierwave (0.5.8)
      activesupport (~> 3.0)

GIT
  remote: git://github.com/skinandbones/rack-gridfs.git
  revision: 873fd8e9225b9359d4f468d6d715e30c7eedab11
  specs:
    rack-gridfs (0.4.1)
      mime-types
      mongo (~> 1.2)
      rack

GEM
  remote: http://rubygems.org/
  specs:
    actionmailer (3.2.0.rc1)
      actionpack (= 3.2.0.rc1)
      mail (~> 2.3.0)
    actionpack (3.2.0.rc1)
      activemodel (= 3.2.0.rc1)
      activesupport (= 3.2.0.rc1)
      builder (~> 3.0.0)
      erubis (~> 2.7.0)
      i18n (~> 0.6)
      journey (~> 1.0.0.rc1)
      rack (~> 1.3.5)
      rack-cache (~> 1.1)
      rack-test (~> 0.6.1)
      sprockets (~> 2.1.2)
    activemodel (3.2.0.rc1)
      activesupport (= 3.2.0.rc1)
      builder (~> 3.0.0)
      i18n (~> 0.6)
    activerecord (3.2.0.rc1)
      activemodel (= 3.2.0.rc1)
      activesupport (= 3.2.0.rc1)
      arel (~> 3.0.0.rc1)
      tzinfo (~> 0.3.29)
    activeresource (3.2.0.rc1)
      activemodel (= 3.2.0.rc1)
      activesupport (= 3.2.0.rc1)
    activesupport (3.2.0.rc1)
      i18n (~> 0.6)
      multi_json (~> 1.0)
    arel (3.0.0.rc1)
    bcrypt-ruby (3.0.1)
    bson (1.5.2)
    bson_ext (1.5.2)
      bson (= 1.5.2)
    builder (3.0.0)
    cancan (1.6.7)
    capybara (1.1.2)
      mime-types (>= 1.16)
      nokogiri (>= 1.3.3)
      rack (>= 1.0.0)
      rack-test (>= 0.5.4)
      selenium-webdriver (~> 2.0)
      xpath (~> 0.1.4)
    carrierwave-mongoid (0.1.3)
      carrierwave (>= 0.5.6)
      mongoid (~> 2.1)
    childprocess (0.2.3)
      ffi (~> 1.0.6)
    coffee-filter (0.1.1)
      coffee-script (>= 2.2.0)
      haml (>= 3.0.18)
    coffee-rails (3.2.0)
      coffee-script (>= 2.2.0)
      railties (~> 3.2.0.beta)
    coffee-script (2.2.0)
      coffee-script-source
      execjs
    coffee-script-source (1.2.0)
    coffeebeans (1.0.1)
      actionpack (>= 3.0.0)
      coffee-script
    database_cleaner (0.7.0)
    devise (1.5.3)
      bcrypt-ruby (~> 3.0)
      orm_adapter (~> 0.0.3)
      warden (~> 1.1)
    diff-lcs (1.1.3)
    erubis (2.7.0)
    execjs (1.2.13)
      multi_json (~> 1.0)
    fabrication (1.2.0)
    ffaker (1.10.1)
    ffi (1.0.11)
    haml (3.1.4)
    haml-rails (0.3.4)
      actionpack (~> 3.0)
      activesupport (~> 3.0)
      haml (~> 3.0)
      railties (~> 3.0)
    hike (1.2.1)
    i18n (0.6.0)
    itslog (0.6.1)
    journey (1.0.0.rc1)
    jquery-rails (2.0.0)
      railties (>= 3.2.0.beta, < 5.0)
      thor (~> 0.14)
    json (1.6.3)
    mail (2.3.0)
      i18n (>= 0.4.0)
      mime-types (~> 1.16)
      treetop (~> 1.4.8)
    mime-types (1.17.2)
    mini_magick (3.3)
      subexec (~> 0.1.0)
    mongo (1.5.2)
      bson (= 1.5.2)
    mongoid (2.3.4)
      activemodel (~> 3.1)
      mongo (~> 1.3)
      tzinfo (~> 0.3.22)
    mongoid_slug (0.8.3)
      mongoid (~> 2.0)
      stringex (~> 1.3)
    multi_json (1.0.4)
    nokogiri (1.5.0)
    orm_adapter (0.0.5)
    polyglot (0.3.3)
    rack (1.3.5)
    rack-cache (1.1)
      rack (>= 0.4)
    rack-ssl (1.3.2)
      rack
    rack-test (0.6.1)
      rack (>= 1.0)
    rails (3.2.0.rc1)
      actionmailer (= 3.2.0.rc1)
      actionpack (= 3.2.0.rc1)
      activerecord (= 3.2.0.rc1)
      activeresource (= 3.2.0.rc1)
      activesupport (= 3.2.0.rc1)
      bundler (~> 1.0)
      railties (= 3.2.0.rc1)
    railties (3.2.0.rc1)
      actionpack (= 3.2.0.rc1)
      activesupport (= 3.2.0.rc1)
      rack-ssl (~> 1.3.2)
      rake (>= 0.8.7)
      rdoc (~> 3.4)
      thor (~> 0.14.6)
    rake (0.9.2.2)
    rdoc (3.12)
      json (~> 1.4)
    rspec (2.7.0)
      rspec-core (~> 2.7.0)
      rspec-expectations (~> 2.7.0)
      rspec-mocks (~> 2.7.0)
    rspec-core (2.7.1)
    rspec-expectations (2.7.0)
      diff-lcs (~> 1.1.2)
    rspec-mocks (2.7.0)
    rspec-rails (2.7.0)
      actionpack (~> 3.0)
      activesupport (~> 3.0)
      railties (~> 3.0)
      rspec (~> 2.7.0)
    rubyzip (0.9.5)
    sass (3.1.12)
    sass-rails (3.2.1)
      railties (~> 3.2.0.beta)
      sass (>= 3.1.10)
      tilt (~> 1.3)
    selenium-webdriver (2.15.0)
      childprocess (>= 0.2.1)
      ffi (~> 1.0.9)
      multi_json (~> 1.0.4)
      rubyzip
    spork (0.9.0.rc9)
    sprockets (2.1.2)
      hike (~> 1.2)
      rack (~> 1.0)
      tilt (~> 1.1, != 1.3.0)
    stringex (1.3.0)
    subexec (0.1.0)
    thor (0.14.6)
    tilt (1.3.3)
    treetop (1.4.10)
      polyglot
      polyglot (>= 0.3.1)
    tzinfo (0.3.31)
    uglifier (1.2.0)
      execjs (>= 0.3.0)
      multi_json (>= 1.0.2)
    warden (1.1.0)
      rack (>= 1.0)
    xpath (0.1.4)
      nokogiri (~> 1.3)

PLATFORMS
  ruby

DEPENDENCIES
  bson_ext
  cancan
  capybara
  carrierwave!
  carrierwave-mongoid
  coffee-filter
  coffee-rails (~> 3.2)
  coffeebeans
  database_cleaner
  devise
  fabrication
  ffaker
  haml-rails
  itslog
  jquery-rails
  kaminari!
  mini_magick
  mongoid
  mongoid-rspec!
  mongoid_slug
  rack-gridfs!
  rails (~> 3.2.0.rc)
  rspec-rails
  sass-rails (~> 3.2)
  spork (~> 0.9.0.rc)
  uglifier
